GEM
  remote: http://rubygems.org/
  specs:
    actionmailer (2.3.17)
      actionpack (= 2.3.17)
    actionpack (2.3.17)
      activesupport (= 2.3.17)
      rack (~> 1.1.0)
    activerecord (2.3.17)
      activesupport (= 2.3.17)
    activeresource (2.3.17)
      activesupport (= 2.3.17)
    activesupport (2.3.17)
    acts-as-taggable-on (2.0.6)
    annotate (2.5.0)
      rake
    builder (3.1.4)
    calendar_date_select (1.16.1)
    googlecharts (1.6.0)
    haml (3.0.25)
    hoptoad_notifier (2.4.11)
      activesupport
      builder
    json (1.7.7)
    mysql (2.9.0)
    newrelic_rpm (3.5.5.38)
    rack (1.1.6)
    rails (2.3.17)
      actionmailer (= 2.3.17)
      actionpack (= 2.3.17)
      activerecord (= 2.3.17)
      activeresource (= 2.3.17)
      activesupport (= 2.3.17)
      rake (>= 0.8.3)
    rake (10.0.3)
    rdoc (3.12)
      json (~> 1.4)
    thoughtbot-shoulda (2.11.1)

PLATFORMS
  ruby

DEPENDENCIES
  acts-as-taggable-on (= 2.0.6)
  annotate
  calendar_date_select (= 1.16.1)
  googlecharts (= 1.6.0)
  haml (= 3.0.25)
  hoptoad_notifier
  json (= 1.7.7)
  mysql
  newrelic_rpm
  rails (= 2.3.17)
  rdoc
  thoughtbot-shoulda
