GIT
  remote: git://github.com/asalant/rails-authorization-plugin.git
  revision: 505bd47addf2ef5e3b5d98a7ea8d1352c2aa4ee6
  specs:
    authorization (1.0.12)

GEM
  remote: https://rubygems.org/
  specs:
    actionmailer (2.3.17)
      actionpack (= 2.3.17)
    actionpack (2.3.17)
      activesupport (= 2.3.17)
      rack (~> 1.1.0)
    activerecord (2.3.17)
      activesupport (= 2.3.17)
    activeresource (2.3.17)
      activesupport (= 2.3.17)
    activesupport (2.3.17)
    acts-as-taggable-on (2.0.6)
    annotate (2.6.2)
      activerecord (>= 2.3.0)
      rake (>= 0.8.7)
    builder (3.2.2)
    calendar_date_select (1.16.1)
    googlecharts (1.6.0)
    haml (3.0.25)
    hoptoad_notifier (2.4.11)
      activesupport
      builder
    json (1.7.7)
    kgio (2.11.2)
    newrelic_rpm (3.7.3.204)
    pg (0.18.4)
    power_assert (0.3.0)
    rack (1.1.6)
    rails (2.3.17)
      actionmailer (= 2.3.17)
      actionpack (= 2.3.17)
      activerecord (= 2.3.17)
      activeresource (= 2.3.17)
      activesupport (= 2.3.17)
      rake (>= 0.8.3)
    raindrops (0.19.0)
    rake (10.1.1)
    rdoc (4.1.1)
      json (~> 1.4)
    test-unit (3.1.9)
      power_assert
    thoughtbot-shoulda (2.11.1)
    unicorn (5.5.1)
      kgio (~> 2.6)
      raindrops (~> 0.7)
    validates_email_format_of (1.5.3)

PLATFORMS
  ruby

DEPENDENCIES
  acts-as-taggable-on (= 2.0.6)
  annotate
  authorization!
  calendar_date_select (= 1.16.1)
  googlecharts (= 1.6.0)
  haml (= 3.0.25)
  hoptoad_notifier
  json (= 1.7.7)
  newrelic_rpm
  pg (= 0.18.4)
  rails (= 2.3.17)
  rdoc
  test-unit
  thoughtbot-shoulda
  unicorn
  validates_email_format_of

BUNDLED WITH
   1.15.4
