GEM
  remote: https://rubygems.org/
  specs:
    actionmailer (2.3.17)
      actionpack (= 2.3.17)
    actionpack (2.3.17)
      activesupport (= 2.3.17)
      rack (~> 1.1.0)
    activerecord (2.3.17)
      activesupport (= 2.3.17)
    activeresource (2.3.17)
      activesupport (= 2.3.17)
    activesupport (2.3.17)
    acts-as-taggable-on (2.0.6)
    annotate (2.6.2)
      activerecord (>= 2.3.0)
      rake (>= 0.8.7)
    builder (3.2.2)
    calendar_date_select (1.16.1)
    columnize (0.3.6)
    debugger (1.6.6)
      columnize (>= 0.3.1)
      debugger-linecache (~> 1.2.0)
      debugger-ruby_core_source (~> 1.3.2)
    debugger-linecache (1.2.0)
    debugger-ruby_core_source (1.3.2)
    googlecharts (1.6.0)
    haml (3.0.25)
    hoptoad_notifier (2.4.11)
      activesupport
      builder
    json (1.7.7)
    mysql (2.9.1)
    newrelic_rpm (3.7.3.204)
    rack (1.1.6)
    rails (2.3.17)
      actionmailer (= 2.3.17)
      actionpack (= 2.3.17)
      activerecord (= 2.3.17)
      activeresource (= 2.3.17)
      activesupport (= 2.3.17)
      rake (>= 0.8.3)
    rake (10.1.1)
    rdoc (4.1.1)
      json (~> 1.4)
    thoughtbot-shoulda (2.11.1)
    validates_email_format_of (1.5.3)

PLATFORMS
  ruby

DEPENDENCIES
  acts-as-taggable-on (= 2.0.6)
  annotate
  calendar_date_select (= 1.16.1)
  debugger
  googlecharts (= 1.6.0)
  haml (= 3.0.25)
  hoptoad_notifier
  json (= 1.7.7)
  mysql
  newrelic_rpm
  rails (= 2.3.17)
  rdoc
  thoughtbot-shoulda
  validates_email_format_of
